PATH
  remote: .
  specs:
    govspeak (1.2.3)
      htmlentities (~> 4)
      kramdown (~> 0.13.3)
      sanitize (= 2.0.3)

GEM
  remote: http://rubygems.org/
  specs:
    gem_publisher (1.1.1)
    htmlentities (4.3.1)
    kramdown (0.13.8)
    multi_json (1.3.7)
    nokogiri (1.5.5)
    rake (0.9.5)
    sanitize (2.0.3)
      nokogiri (>= 1.4.4, < 1.6)
    simplecov (0.7.1)
      multi_json (~> 1.0)
      simplecov-html (~> 0.7.1)
    simplecov-html (0.7.1)
    simplecov-rcov (0.2.3)
      simplecov (>= 0.4.1)

PLATFORMS
  ruby

DEPENDENCIES
  gem_publisher (~> 1.1.1)
  govspeak!
  rake (~> 0.9.0)
  simplecov
  simplecov-rcov
